PATH
  remote: .
  specs:
    mina-jianliao (0.1.0)
      mina
      mina-hooks

GEM
  remote: https://rubygems.org/
  specs:
    mina (0.3.7)
      open4 (~> 1.3.4)
      rake
    mina-hooks (0.2.1)
      mina (~> 0.3)
    open4 (1.3.4)
    rake (10.4.2)

PLATFORMS
  ruby

DEPENDENCIES
  bundler (~> 1.3)
  mina-jianliao!
  rake

BUNDLED WITH
   1.10.6
